GEM
  specs:
    ParseTree (3.0.8)
      RubyInline (>= 3.7.0)
      sexp_processor (>= 3.0.0)
    RubyInline (3.11.1)
      ZenTest (~> 4.3)
    ZenTest (4.6.2)
    racc (1.4.7)
    sexp_processor (3.0.10)

PLATFORMS
  ruby

DEPENDENCIES
  ParseTree (= 3.0.8)
  racc (= 1.4.7)
  sexp_processor (= 3.0.10)
